GEM
  remote: http://rubygems.org/
  specs:
    RedCloth (4.2.3)
    ZenTest (4.4.0)
    abstract (1.0.0)
    actionmailer (2.3.11)
      actionpack (= 2.3.11)
    actionpack (2.3.11)
      activesupport (= 2.3.11)
      rack (~> 1.1.0)
    activerecord (2.3.11)
      activesupport (= 2.3.11)
    activeresource (2.3.11)
      activesupport (= 2.3.11)
    activesupport (2.3.11)
    autotest-growl (0.2.9)
    capistrano (2.5.20)
      highline
      net-scp
      net-scp (>= 1.0.0)
      net-sftp
      net-sftp (>= 2.0.0)
      net-ssh
      net-ssh (>= 2.0.14)
      net-ssh-gateway
      net-ssh-gateway (>= 1.0.0)
    capistrano-ext (1.2.1)
      capistrano (>= 1.0.0)
    chronic (0.3.0)
    columnize (0.3.3)
    crack (0.1.8)
    delayed_job (1.8.4)
    erubis (2.6.6)
      abstract (>= 1.0.0)
    factory_girl (1.3.2)
    haml (2.2.20)
    hashie (0.4.0)
    highline (1.6.1)
    httparty (0.6.1)
      crack (= 0.1.8)
    jrails (0.6.0)
    json_pure (1.4.6)
    linecache (0.46)
      rbx-require-relative (> 0.0.4)
    mysql (2.8.1)
    mysql (2.8.1-x86-mingw32)
    net-scp (1.0.4)
      net-ssh (>= 1.99.1)
    net-sftp (2.0.5)
      net-ssh (>= 2.0.9)
    net-ssh (2.0.23)
    net-ssh-gateway (1.0.1)
      net-ssh (>= 1.99.1)
    nokogiri (1.4.3.1)
    nokogiri (1.4.3.1-x86-mingw32)
    paperclip (2.3.6)
      activerecord
      activesupport
    rack (1.1.6)
    rails (2.3.11)
      actionmailer (= 2.3.11)
      actionpack (= 2.3.11)
      activerecord (= 2.3.11)
      activeresource (= 2.3.11)
      activesupport (= 2.3.11)
      rake (>= 0.8.3)
    rake (0.8.7)
    rbx-require-relative (0.0.5)
    rspec (1.3.0)
    rspec-rails (1.3.2)
      rack (>= 1.0.0)
      rspec (>= 1.3.0)
    ruby-debug (0.10.4)
      columnize (>= 0.1)
      ruby-debug-base (~> 0.10.4.0)
    ruby-debug-base (0.10.4)
      linecache (>= 0.3)
    ruby-hmac (0.4.0)
    shoulda (2.11.3)
    spork (0.8.4)
    timecop (0.3.5)
    will_paginate (2.3.14)

PLATFORMS
  ruby
  x86-mingw32

DEPENDENCIES
  RedCloth (= 4.2.3)
  ZenTest (= 4.4.0)
  autotest-growl (= 0.2.9)
  capistrano (= 2.5.20)
  capistrano-ext (= 1.2.1)
  chronic (= 0.3.0)
  crack (= 0.1.8)
  delayed_job (= 1.8.4)
  erubis (= 2.6.6)
  factory_girl (= 1.3.2)
  haml (= 2.2.20)
  hashie (= 0.4.0)
  httparty (= 0.6.1)
  jrails (= 0.6.0)
  json_pure (= 1.4.6)
  mysql (= 2.8.1)
  nokogiri (= 1.4.3.1)
  paperclip (= 2.3.6)
  rails (= 2.3.11)
  rspec (= 1.3.0)
  rspec-rails (= 1.3.2)
  ruby-debug
  ruby-hmac (= 0.4.0)
  shoulda (= 2.11.3)
  spork
  timecop (= 0.3.5)
  will_paginate (= 2.3.14)
